{
	"Modality": "MR",
	"MagneticFieldStrength": 3,
	"ImagingFrequency": 123.262,
	"Manufacturer": "Siemens",
	"ManufacturersModelName": "Prisma_fit",
	"InstitutionName": "FSU_Jena",
	"InstitutionalDepartmentName": "Department",
	"InstitutionAddress": "Philosophenweg_3_Jena_Thueringen_DE_07743",
	"DeviceSerialNumber": "67036",
	"StationName": "AWP67036",
	"BodyPartExamined": "SKULL",
	"PatientPosition": "HFS",
	"ProcedureStepDescription": "FMRI",
	"SoftwareVersions": "syngo_MR_E11",
	"MRAcquisitionType": "2D",
	"SeriesDescription": "cmrr_mbep2d_bold_2p5mm_MB8_verschachtelt",
	"ProtocolName": "cmrr_mbep2d_bold_2p5mm_MB8_verschachtelt",
	"ScanningSequence": "EP",
	"SequenceVariant": "SK_SS",
	"ScanOptions": "FS",
	"SequenceName": "epfid2d1_78",
	"ImageType": ["ORIGINAL", "PRIMARY", "M", "MB", "ND", "MOSAIC"],
	"SeriesNumber": 6,
	"AcquisitionTime": "10:09:9.432500",
	"AcquisitionNumber": 1,
	"ImageComments": "Unaliased_MB8_PE3_LB",
	"SliceThickness": 2.5,
	"SpacingBetweenSlices": 2.5,
	"SAR": 0.180642,
	"EchoTime": 0.03,
	"RepetitionTime": 0.484,
	"FlipAngle": 90,
	"PartialFourier": 1,
	"BaseResolution": 78,
	"ShimSetting": [
		-418,
		5603,
		1388,
		641,
		-80,
		-187,
		244,
		42	],
	"TxRefAmp": 220.443,
	"PhaseResolution": 1,
	"ReceiveCoilName": "HeadNeck_64",
	"ReceiveCoilActiveElements": "HC1-7",
	"PulseSequenceDetails": "%CustomerSeq%_cmrr_mbep2d_bold",
	"WipMemBlock": "23650c4f-b02e-42ee-9e21-6049278b0cbf||Sequence: ve11b/master r/50434d5; Mar  3 2017 10:46:13 by eja",
	"ConsistencyInfo": "N4_VE11B_LATEST_20150530",
	"MultibandAccelerationFactor": 8,
	"PercentPhaseFOV": 100,
	"EchoTrainLength": 78,
	"PhaseEncodingSteps": 78,
	"AcquisitionMatrixPE": 78,
	"ReconMatrixPE": 78,
	"BandwidthPerPixelPhaseEncode": 25.138,
	"EffectiveEchoSpacing": 0.000510005,
	"DerivedVendorReportedEchoSpacing": 0.000510005,
	"TotalReadoutTime": 0.0392704,
	"PixelBandwidth": 2915,
	"DwellTime": 2.2e-06,
	"PhaseEncodingDirection": "j-",
	"SliceTiming": [
		0,
		0.265,
		0.0675,
		0.3325,
		0.1325,
		0.3975,
		0.2,
		0,
		0.265,
		0.0675,
		0.3325,
		0.1325,
		0.3975,
		0.2,
		0,
		0.265,
		0.0675,
		0.3325,
		0.1325,
		0.3975,
		0.2,
		0,
		0.265,
		0.0675,
		0.3325,
		0.1325,
		0.3975,
		0.2,
		0,
		0.265,
		0.0675,
		0.3325,
		0.1325,
		0.3975,
		0.2,
		0,
		0.265,
		0.0675,
		0.3325,
		0.1325,
		0.3975,
		0.2,
		0,
		0.265,
		0.0675,
		0.3325,
		0.1325,
		0.3975,
		0.2,
		0,
		0.265,
		0.0675,
		0.3325,
		0.1325,
		0.3975,
		0.2	],
	"ImageOrientationPatientDICOM": [
		0.997585,
		-0.0575237,
		0.03893,
		0.0524558,
		0.991314,
		0.120599	],
	"InPlanePhaseEncodingDirectionDICOM": "COL",
	"ConversionSoftware": "dcm2niix",
	"ConversionSoftwareVersion": "v1.0.20190902"
}
