{
	"Modality": "MR",
	"MagneticFieldStrength": 3,
	"ImagingFrequency": 123.262,
	"Manufacturer": "Siemens",
	"ManufacturersModelName": "Prisma_fit",
	"InstitutionName": "IDIR_FSU_Jena",
	"InstitutionalDepartmentName": "Department",
	"InstitutionAddress": "Philosophenweg_3_Jena_Thueringen_DE_07743",
	"DeviceSerialNumber": "67036",
	"StationName": "AWP67036",
	"BodyPartExamined": "HEAD",
	"PatientPosition": "HFS",
	"ProcedureStepDescription": "FMRI",
	"SoftwareVersions": "syngo_MR_E11",
	"MRAcquisitionType": "3D",
	"SeriesDescription": "MPRAGE_Jena_BW230_64channel",
	"ProtocolName": "MPRAGE_Jena_BW230_64channel",
	"ScanningSequence": "GR_IR",
	"SequenceVariant": "SK_SP_MP",
	"ScanOptions": "IR",
	"SequenceName": "_tfl3d1_16ns",
	"ImageType": ["ORIGINAL", "PRIMARY", "M", "ND", "NORM"],
	"SeriesNumber": 10,
	"AcquisitionTime": "10:58:20.482500",
	"AcquisitionNumber": 1,
	"SliceThickness": 1,
	"SAR": 0.0454071,
	"EchoTime": 0.00207,
	"RepetitionTime": 2.3,
	"InversionTime": 0.9,
	"FlipAngle": 9,
	"PartialFourier": 1,
	"BaseResolution": 256,
	"ShimSetting": [
		-411,
		5612,
		1334,
		333,
		-3,
		-455,
		-28,
		21	],
	"TxRefAmp": 237.91,
	"PhaseResolution": 1,
	"ReceiveCoilName": "HeadNeck_64",
	"ReceiveCoilActiveElements": "HC1-7;NC1,2",
	"CoilString": "HC1-7;NC1_2",
	"PulseSequenceDetails": "%SiemensSeq%_tfl",
	"RefLinesPE": 24,
	"ConsistencyInfo": "N4_VE11B_LATEST_20150530",
	"PercentPhaseFOV": 100,
	"PhaseEncodingSteps": 255,
	"AcquisitionMatrixPE": 256,
	"ReconMatrixPE": 256,
	"ParallelReductionFactorInPlane": 2,
	"PixelBandwidth": 230,
	"DwellTime": 8.5e-06,
	"ImageOrientationPatientDICOM": [
		0.00684147,
		0.999879,
		0.0139459,
		0.0484371,
		0.0135985,
		-0.998734	],
	"InPlanePhaseEncodingDirectionDICOM": "ROW",
	"ConversionSoftware": "dcm2niix",
	"ConversionSoftwareVersion": "v1.0.20190902"
}
