{
	"Modality": "MR",
	"MagneticFieldStrength": 3,
	"ImagingFrequency": 123.262,
	"Manufacturer": "Siemens",
	"ManufacturersModelName": "Prisma_fit",
	"InstitutionName": "FSU_Jena",
	"InstitutionalDepartmentName": "Department",
	"InstitutionAddress": "Philosophenweg_3_Jena_Thueringen_DE_07743",
	"DeviceSerialNumber": "67036",
	"StationName": "AWP67036",
	"BodyPartExamined": "HEAD",
	"PatientPosition": "HFS",
	"ProcedureStepDescription": "FMRI",
	"SoftwareVersions": "syngo_MR_E11",
	"MRAcquisitionType": "2D",
	"SeriesDescription": "cmrr_mbep2d_bold_2p5mm_MB8_verschachtelt",
	"ProtocolName": "cmrr_mbep2d_bold_2p5mm_MB8_verschachtelt",
	"ScanningSequence": "EP",
	"SequenceVariant": "SK_SS",
	"ScanOptions": "FS",
	"SequenceName": "epfid2d1_78",
	"ImageType": ["ORIGINAL", "PRIMARY", "M", "MB", "ND", "MOSAIC"],
	"SeriesNumber": 6,
	"AcquisitionTime": "18:48:24.367500",
	"AcquisitionNumber": 1,
	"ImageComments": "Unaliased_MB8_PE3_LB",
	"SliceThickness": 2.5,
	"SpacingBetweenSlices": 2.5,
	"SAR": 0.187481,
	"EchoTime": 0.03,
	"RepetitionTime": 0.484,
	"FlipAngle": 90,
	"PartialFourier": 1,
	"BaseResolution": 78,
	"ShimSetting": [
		-409,
		5636,
		1307,
		666,
		-38,
		-71,
		-49,
		23	],
	"TxRefAmp": 265.209,
	"PhaseResolution": 1,
	"ReceiveCoilName": "HeadNeck_64",
	"ReceiveCoilActiveElements": "HC1-7",
	"PulseSequenceDetails": "%CustomerSeq%_cmrr_mbep2d_bold",
	"WipMemBlock": "46f4aab0-37ad-4a93-947e-f048dfce32d6||Sequence: R016 ve11b/master r/b698769; Nov 21 2017 11:07:30 by eja",
	"ConsistencyInfo": "N4_VE11B_LATEST_20150530",
	"MultibandAccelerationFactor": 8,
	"PercentPhaseFOV": 100,
	"EchoTrainLength": 78,
	"PhaseEncodingSteps": 78,
	"AcquisitionMatrixPE": 78,
	"ReconMatrixPE": 78,
	"BandwidthPerPixelPhaseEncode": 25.138,
	"EffectiveEchoSpacing": 0.000510005,
	"DerivedVendorReportedEchoSpacing": 0.000510005,
	"TotalReadoutTime": 0.0392704,
	"PixelBandwidth": 2915,
	"DwellTime": 2.2e-06,
	"PhaseEncodingDirection": "j-",
	"SliceTiming": [
		0,
		0.265,
		0.065,
		0.33,
		0.1325,
		0.3975,
		0.1975,
		0,
		0.265,
		0.065,
		0.33,
		0.1325,
		0.3975,
		0.1975,
		0,
		0.265,
		0.065,
		0.33,
		0.1325,
		0.3975,
		0.1975,
		0,
		0.265,
		0.065,
		0.33,
		0.1325,
		0.3975,
		0.1975,
		0,
		0.265,
		0.065,
		0.33,
		0.1325,
		0.3975,
		0.1975,
		0,
		0.265,
		0.065,
		0.33,
		0.1325,
		0.3975,
		0.1975,
		0,
		0.265,
		0.065,
		0.33,
		0.1325,
		0.3975,
		0.1975,
		0,
		0.265,
		0.065,
		0.33,
		0.1325,
		0.3975,
		0.1975	],
	"ImageOrientationPatientDICOM": [
		0.999816,
		-0.0113288,
		-0.0154721,
		0.00732913,
		0.971334,
		-0.237608	],
	"InPlanePhaseEncodingDirectionDICOM": "COL",
	"ConversionSoftware": "dcm2niix",
	"ConversionSoftwareVersion": "v1.0.20190902"
}
